GEM
  remote: https://rubygems.org/
  specs:
    mini_portile2 (2.4.0)
    rake (12.3.3)

PLATFORMS
  ruby

DEPENDENCIES
  mini_portile2 (= 2.4.0)
  rake

BUNDLED WITH
   2.0.1
